PATH
  remote: .
  specs:
    my-congress (0.2.3)

GEM
  remote: https://rubygems.org/
  specs:
    childprocess (3.0.0)
    colorize (0.8.1)
    diff-lcs (1.3)
    equatable (0.6.1)
    mini_portile2 (2.4.0)
    necromancer (0.5.1)
    nokogiri (1.10.7)
      mini_portile2 (~> 2.4.0)
    pastel (0.7.3)
      equatable (~> 0.6)
      tty-color (~> 0.5)
    rake (12.3.3)
    rspec (3.9.0)
      rspec-core (~> 3.9.0)
      rspec-expectations (~> 3.9.0)
      rspec-mocks (~> 3.9.0)
    rspec-core (3.9.1)
      rspec-support (~> 3.9.1)
    rspec-expectations (3.9.0)
      diff-lcs (>= 1.2.0, < 2.0)
      rspec-support (~> 3.9.0)
    rspec-mocks (3.9.1)
      diff-lcs (>= 1.2.0, < 2.0)
      rspec-support (~> 3.9.0)
    rspec-support (3.9.2)
    rubyzip (2.2.0)
    selenium-webdriver (3.142.7)
      childprocess (>= 0.5, < 4.0)
      rubyzip (>= 1.2.2)
    tty-color (0.5.1)
    tty-cursor (0.7.1)
    tty-prompt (0.20.0)
      necromancer (~> 0.5.0)
      pastel (~> 0.7.0)
      tty-reader (~> 0.7.0)
    tty-reader (0.7.0)
      tty-cursor (~> 0.7)
      tty-screen (~> 0.7)
      wisper (~> 2.0.0)
    tty-screen (0.7.1)
    wisper (2.0.1)

PLATFORMS
  ruby

DEPENDENCIES
  bundler (~> 2.1)
  colorize (~> 0.8)
  my-congress!
  nokogiri (~> 1.10.7)
  rake (~> 12.0)
  rspec (~> 3.0)
  selenium-webdriver (~> 3.142)
  tty-prompt (~> 0.20)

BUNDLED WITH
   2.1.4
